PATH
  remote: .
  specs:
    selenium-rc (2.39.0)
      selenium-client (>= 1.2.18)

GEM
  remote: https://rubygems.org/
  specs:
    diff-lcs (1.2.5)
    gem-release (0.7.1)
    lsof (0.3.0)
    rake (10.3.0)
    rr (1.1.2)
    rspec (2.14.1)
      rspec-core (~> 2.14.0)
      rspec-expectations (~> 2.14.0)
      rspec-mocks (~> 2.14.0)
    rspec-core (2.14.8)
    rspec-expectations (2.14.5)
      diff-lcs (>= 1.1.3, < 2.0)
    rspec-mocks (2.14.6)
    rubyzip (1.1.3)
    selenium-client (1.2.18)
    thor (0.19.1)

PLATFORMS
  ruby

DEPENDENCIES
  gem-release
  lsof
  rake
  rr
  rspec (>= 2.5.0)
  rubyzip
  selenium-rc!
  thor
